GIT
  remote: https://github.com/excid3/administrate.git
  revision: 42d29bb67eec217df73bef4ce6feb86c08461fdf
  branch: jumpstart
  specs:
    administrate (0.14.0)
      actionpack (>= 5.0)
      actionview (>= 5.0)
      activerecord (>= 5.0)
      datetime_picker_rails (~> 0.0.7)
      jquery-rails (>= 4.0)
      kaminari (>= 1.0)
      momentjs-rails (~> 2.8)
      sassc-rails (~> 2.1)
      selectize-rails (~> 0.6)

GIT
  remote: https://github.com/excid3/devise_masquerade.git
  revision: 7b76df52ae61c938cef48ec54dde5221e9cc8609
  specs:
    devise_masquerade (1.2.0)
      devise (>= 4.7.0)
      globalid (>= 0.3.6)
      railties (>= 5.2.0)

GIT
  remote: https://github.com/faker-ruby/faker.git
  revision: 71f3b74aab28903b1b34bccd17cf9739ef630db0
  branch: master
  specs:
    faker (2.16.0)
      i18n (>= 1.6, < 2)

GIT
  remote: https://github.com/rubysec/bundler-audit.git
  revision: 2eb783bcab18bd5732c6a6792b9880758f007872
  specs:
    bundler-audit (0.8.0.rc1)
      bundler (>= 1.2.0, < 3)
      thor (>= 0.18, < 2)

PATH
  remote: lib/jumpstart
  specs:
    jumpstart (0.1.0)
      rails (>= 5.2.1)

GEM
  remote: https://rubygems.org/
  specs:
    actioncable (6.1.3)
      actionpack (= 6.1.3)
      activesupport (= 6.1.3)
      nio4r (~> 2.0)
      websocket-driver (>= 0.6.1)
    actionmailbox (6.1.3)
      actionpack (= 6.1.3)
      activejob (= 6.1.3)
      activerecord (= 6.1.3)
      activestorage (= 6.1.3)
      activesupport (= 6.1.3)
      mail (>= 2.7.1)
    actionmailer (6.1.3)
      actionpack (= 6.1.3)
      actionview (= 6.1.3)
      activejob (= 6.1.3)
      activesupport (= 6.1.3)
      mail (~> 2.5, >= 2.5.4)
      rails-dom-testing (~> 2.0)
    actionpack (6.1.3)
      actionview (= 6.1.3)
      activesupport (= 6.1.3)
      rack (~> 2.0, >= 2.0.9)
      rack-test (>= 0.6.3)
      rails-dom-testing (~> 2.0)
      rails-html-sanitizer (~> 1.0, >= 1.2.0)
    actiontext (6.1.3)
      actionpack (= 6.1.3)
      activerecord (= 6.1.3)
      activestorage (= 6.1.3)
      activesupport (= 6.1.3)
      nokogiri (>= 1.8.5)
    actionview (6.1.3)
      activesupport (= 6.1.3)
      builder (~> 3.1)
      erubi (~> 1.4)
      rails-dom-testing (~> 2.0)
      rails-html-sanitizer (~> 1.1, >= 1.2.0)
    activejob (6.1.3)
      activesupport (= 6.1.3)
      globalid (>= 0.3.6)
    activemodel (6.1.3)
      activesupport (= 6.1.3)
    activerecord (6.1.3)
      activemodel (= 6.1.3)
      activesupport (= 6.1.3)
    activestorage (6.1.3)
      actionpack (= 6.1.3)
      activejob (= 6.1.3)
      activerecord (= 6.1.3)
      activesupport (= 6.1.3)
      marcel (~> 0.3.1)
      mimemagic (~> 0.3.2)
    activesupport (6.1.3)
      concurrent-ruby (~> 1.0, >= 1.0.2)
      i18n (>= 1.6, < 2)
      minitest (>= 5.1)
      tzinfo (~> 2.0)
      zeitwerk (~> 2.3)
    acts_as_tenant (0.5.0)
      rails (>= 5.2)
      request_store (>= 1.0.5)
    addressable (2.7.0)
      public_suffix (>= 2.0.2, < 5.0)
    administrate-field-active_storage (0.3.6)
      administrate (>= 0.2.2)
      rails (>= 6.0)
    annotate (3.1.1)
      activerecord (>= 3.2, < 7.0)
      rake (>= 10.4, < 14.0)
    ast (2.4.2)
    attr_encrypted (3.1.0)
      encryptor (~> 3.0.0)
    bcrypt (3.1.16)
    bindex (0.8.1)
    bootsnap (1.7.2)
      msgpack (~> 1.0)
    brakeman (5.0.0)
    builder (3.2.4)
    byebug (11.1.3)
    capybara (3.35.3)
      addressable
      mini_mime (>= 0.1.3)
      nokogiri (~> 1.8)
      rack (>= 1.6.0)
      rack-test (>= 0.6.3)
      regexp_parser (>= 1.5, < 3.0)
      xpath (~> 3.2)
    childprocess (3.0.0)
    chronic (0.10.2)
    coderay (1.1.3)
    concurrent-ruby (1.1.8)
    crass (1.0.6)
    datetime_picker_rails (0.0.7)
      momentjs-rails (>= 2.8.1)
    devise (4.7.3)
      bcrypt (~> 3.0)
      orm_adapter (~> 0.1)
      railties (>= 4.1.0)
      responders
      warden (~> 1.2.3)
    devise-i18n (1.9.2)
      devise (>= 4.7.1)
    domain_name (0.5.20190701)
      unf (>= 0.0.5, < 1.0.0)
    encryptor (3.0.0)
    erubi (1.10.0)
    ffi (1.14.2)
    ffi-compiler (1.0.1)
      ffi (>= 1.0.0)
      rake
    globalid (0.4.2)
      activesupport (>= 4.2.0)
    hashie (4.1.0)
    hotwire-rails (0.1.3)
      rails (>= 6.0.0)
      stimulus-rails
      turbo-rails
    http (4.4.1)
      addressable (~> 2.3)
      http-cookie (~> 1.0)
      http-form_data (~> 2.2)
      http-parser (~> 1.2.0)
    http-cookie (1.0.3)
      domain_name (~> 0.5)
    http-form_data (2.3.0)
    http-parser (1.2.3)
      ffi-compiler (>= 1.0, < 2.0)
    i18n (1.8.9)
      concurrent-ruby (~> 1.0)
    image_processing (1.12.1)
      mini_magick (>= 4.9.5, < 5)
      ruby-vips (>= 2.0.17, < 3)
    inline_svg (1.7.2)
      activesupport (>= 3.0)
      nokogiri (>= 1.6)
    invisible_captcha (1.1.0)
      rails (>= 4.2)
    jbuilder (2.11.2)
      activesupport (>= 5.0.0)
    jquery-rails (4.4.0)
      rails-dom-testing (>= 1, < 3)
      railties (>= 4.2.0)
      thor (>= 0.14, < 2.0)
    kaminari (1.2.1)
      activesupport (>= 4.1.0)
      kaminari-actionview (= 1.2.1)
      kaminari-activerecord (= 1.2.1)
      kaminari-core (= 1.2.1)
    kaminari-actionview (1.2.1)
      actionview
      kaminari-core (= 1.2.1)
    kaminari-activerecord (1.2.1)
      activerecord
      kaminari-core (= 1.2.1)
    kaminari-core (1.2.1)
    launchy (2.5.0)
      addressable (~> 2.7)
    letter_opener (1.7.0)
      launchy (~> 2.2)
    letter_opener_web (1.4.0)
      actionmailer (>= 3.2)
      letter_opener (~> 1.0)
      railties (>= 3.2)
    listen (3.4.1)
      rb-fsevent (~> 0.10, >= 0.10.3)
      rb-inotify (~> 0.9, >= 0.9.10)
    local_time (2.1.0)
    loofah (2.9.0)
      crass (~> 1.0.2)
      nokogiri (>= 1.5.9)
    mail (2.7.1)
      mini_mime (>= 0.1.1)
    marcel (0.3.3)
      mimemagic (~> 0.3.2)
    method_source (1.0.0)
    mimemagic (0.3.5)
    mini_magick (4.11.0)
    mini_mime (1.0.2)
    mini_portile2 (2.5.0)
    minitest (5.14.4)
    momentjs-rails (2.20.1)
      railties (>= 3.1)
    msgpack (1.4.2)
    name_of_person (1.1.1)
      activesupport (>= 5.2.0)
    nio4r (2.5.5)
    nokogiri (1.11.1)
      mini_portile2 (~> 2.5.0)
      racc (~> 1.4)
    nokogiri (1.11.1-x86_64-darwin)
      racc (~> 1.4)
    nokogiri (1.11.1-x86_64-linux)
      racc (~> 1.4)
    noticed (1.2.21)
      http (>= 4.0.0)
      rails (>= 6.0.0)
    oj (3.11.2)
    omniauth (1.9.1)
      hashie (>= 3.4.6)
      rack (>= 1.6.2, < 3)
    orm_adapter (0.5.0)
    pagy (3.11.0)
    parallel (1.20.1)
    parser (3.0.0.0)
      ast (~> 2.4.1)
    pay (2.4.4)
      rails (>= 4.2)
    pdf-core (0.9.0)
    pg (1.2.3)
    pg_search (2.3.5)
      activerecord (>= 5.2)
      activesupport (>= 5.2)
    prawn (2.4.0)
      pdf-core (~> 0.9.0)
      ttfunk (~> 1.7)
    prawn-table (0.2.2)
      prawn (>= 1.3.0, < 3.0.0)
    pry (0.14.0)
      coderay (~> 1.1)
      method_source (~> 1.0)
    pry-rails (0.3.9)
      pry (>= 0.10.4)
    public_suffix (4.0.6)
    puma (5.2.1)
      nio4r (~> 2.0)
    racc (1.5.2)
    rack (2.2.3)
    rack-proxy (0.6.5)
      rack
    rack-test (1.1.0)
      rack (>= 1.0, < 3)
    rails (6.1.3)
      actioncable (= 6.1.3)
      actionmailbox (= 6.1.3)
      actionmailer (= 6.1.3)
      actionpack (= 6.1.3)
      actiontext (= 6.1.3)
      actionview (= 6.1.3)
      activejob (= 6.1.3)
      activemodel (= 6.1.3)
      activerecord (= 6.1.3)
      activestorage (= 6.1.3)
      activesupport (= 6.1.3)
      bundler (>= 1.15.0)
      railties (= 6.1.3)
      sprockets-rails (>= 2.0.0)
    rails-dom-testing (2.0.3)
      activesupport (>= 4.2.0)
      nokogiri (>= 1.6)
    rails-html-sanitizer (1.3.0)
      loofah (~> 2.3)
    railties (6.1.3)
      actionpack (= 6.1.3)
      activesupport (= 6.1.3)
      method_source
      rake (>= 0.8.7)
      thor (~> 1.0)
    rainbow (3.0.0)
    rake (13.0.3)
    rb-fsevent (0.10.4)
    rb-inotify (0.10.1)
      ffi (~> 1.0)
    receipts (1.0.4)
      prawn (>= 1.3.0, < 3.0.0)
      prawn-table (~> 0.2.1)
    redis (4.2.5)
    regexp_parser (2.1.1)
    request_store (1.5.0)
      rack (>= 1.4)
    responders (3.0.1)
      actionpack (>= 5.0)
      railties (>= 5.0)
    rexml (3.2.4)
    rubocop (1.10.0)
      parallel (~> 1.10)
      parser (>= 3.0.0.0)
      rainbow (>= 2.2.2, < 4.0)
      regexp_parser (>= 1.8, < 3.0)
      rexml
      rubocop-ast (>= 1.2.0, < 2.0)
      ruby-progressbar (~> 1.7)
      unicode-display_width (>= 1.4.0, < 3.0)
    rubocop-ast (1.4.1)
      parser (>= 2.7.1.5)
    rubocop-performance (1.9.2)
      rubocop (>= 0.90.0, < 2.0)
      rubocop-ast (>= 0.4.0)
    ruby-oembed (0.14.1)
    ruby-progressbar (1.11.0)
    ruby-vips (2.0.17)
      ffi (~> 1.9)
    rubyzip (2.3.0)
    sass-rails (6.0.0)
      sassc-rails (~> 2.1, >= 2.1.1)
    sassc (2.4.0)
      ffi (~> 1.9)
    sassc-rails (2.1.2)
      railties (>= 4.0.0)
      sassc (>= 2.0)
      sprockets (> 3.0)
      sprockets-rails
      tilt
    selectize-rails (0.12.6)
    selenium-webdriver (3.142.7)
      childprocess (>= 0.5, < 4.0)
      rubyzip (>= 1.2.2)
    semantic_range (2.3.1)
    spring (2.1.1)
    spring-watcher-listen (2.0.1)
      listen (>= 2.7, < 4.0)
      spring (>= 1.2, < 3.0)
    sprockets (4.0.2)
      concurrent-ruby (~> 1.0)
      rack (> 1, < 3)
    sprockets-rails (3.2.2)
      actionpack (>= 4.0)
      activesupport (>= 4.0)
      sprockets (>= 3.0.0)
    standard (0.13.0)
      rubocop (= 1.10.0)
      rubocop-performance (= 1.9.2)
    stimulus-rails (0.2.3)
      rails (>= 6.0.0)
    strong_migrations (0.7.6)
      activerecord (>= 5)
    thor (1.1.0)
    tilt (2.0.10)
    ttfunk (1.7.0)
    turbo-rails (0.5.9)
      rails (>= 6.0.0)
    tzinfo (2.0.4)
      concurrent-ruby (~> 1.0)
    unf (0.1.4)
      unf_ext
    unf_ext (0.0.7.7)
    unicode-display_width (2.0.0)
    warden (1.2.9)
      rack (>= 2.0.9)
    web-console (4.1.0)
      actionview (>= 6.0.0)
      activemodel (>= 6.0.0)
      bindex (>= 0.4.0)
      railties (>= 6.0.0)
    webdrivers (4.5.0)
      nokogiri (~> 1.6)
      rubyzip (>= 1.3.0)
      selenium-webdriver (>= 3.0, < 4.0)
    webpacker (6.0.0.beta.5)
      activesupport (>= 5.2)
      rack-proxy (>= 0.6.1)
      railties (>= 5.2)
      semantic_range (>= 2.3.0)
    websocket-driver (0.7.3)
      websocket-extensions (>= 0.1.0)
    websocket-extensions (0.1.5)
    whenever (1.0.0)
      chronic (>= 0.6.3)
    xpath (3.2.0)
      nokogiri (~> 1.8)
    zeitwerk (2.4.2)

PLATFORMS
  ruby
  x86_64-darwin-19
  x86_64-linux

DEPENDENCIES
  acts_as_tenant
  administrate!
  administrate-field-active_storage (~> 0.3.0)
  annotate
  attr_encrypted (~> 3.1)
  bootsnap (>= 1.4.2)
  brakeman
  bundler-audit!
  byebug
  capybara (>= 2.15)
  devise (>= 4.7.1)
  devise-i18n (~> 1.9)
  devise_masquerade!
  faker!
  hotwire-rails (~> 0.1.2)
  image_processing (~> 1.9, >= 1.9.2)
  inline_svg (~> 1.6)
  invisible_captcha (~> 1.0)
  jbuilder (~> 2.5)
  jumpstart!
  letter_opener_web (~> 1.3, >= 1.3.4)
  listen (~> 3.2, >= 3.2.1)
  local_time (~> 2.1)
  name_of_person (~> 1.0)
  nokogiri (>= 1.10.8)
  noticed (~> 1.2)
  oj (~> 3.8, >= 3.8.1)
  omniauth (~> 1.9, >= 1.9.1)
  pagy (~> 3.7)
  pay (~> 2.4.0)
  pg
  pg_search (~> 2.3)
  pry-rails
  puma (~> 5.0)
  rails (~> 6.1.0)
  receipts (~> 1.0.0)
  redis (~> 4.0)
  ruby-oembed (~> 0.14.0)
  sass-rails (~> 6.0)
  selenium-webdriver
  spring
  spring-watcher-listen (~> 2.0.0)
  standard
  strong_migrations (~> 0.7.6)
  tzinfo-data
  web-console (>= 3.3.0)
  webdrivers
  webpacker (= 6.0.0.beta.5)
  whenever

RUBY VERSION
   ruby 2.7.2p137

BUNDLED WITH
   2.2.14
